PATH
  remote: .
  specs:
    oj-introspect (0.7.2)
      oj (>= 3.13.23)

GEM
  remote: https://rubygems.org/
  specs:
    benchmark-ips (2.10.0)
    coderay (1.1.3)
    diff-lcs (1.5.0)
    method_source (1.0.0)
    oj (3.13.23)
    pry (0.14.1)
      coderay (~> 1.1)
      method_source (~> 1.0)
    rake (13.0.6)
    rake-compiler (1.2.0)
      rake
    rspec (3.12.0)
      rspec-core (~> 3.12.0)
      rspec-expectations (~> 3.12.0)
      rspec-mocks (~> 3.12.0)
    rspec-core (3.12.0)
      rspec-support (~> 3.12.0)
    rspec-expectations (3.12.0)
      diff-lcs (>= 1.2.0, < 2.0)
      rspec-support (~> 3.12.0)
    rspec-mocks (3.12.0)
      diff-lcs (>= 1.2.0, < 2.0)
      rspec-support (~> 3.12.0)
    rspec-support (3.12.0)

PLATFORMS
  ruby

DEPENDENCIES
  benchmark-ips
  oj-introspect!
  pry
  rake (~> 13.0)
  rake-compiler
  rspec (~> 3.0)

BUNDLED WITH
   2.1.4
