GIT
  remote: https://github.com/ohler55/oj.git
  revision: 32b15f419f20388eec855b149c42a8b1d6e518ca
  branch: parser-extension
  specs:
    oj (3.13.21)

PATH
  remote: .
  specs:
    oj-introspect (0.1.0)
      oj

GEM
  remote: https://rubygems.org/
  specs:
    benchmark-ips (2.10.0)
    diff-lcs (1.5.0)
    rake (12.3.3)
    rake-compiler (1.2.0)
      rake
    rspec (3.12.0)
      rspec-core (~> 3.12.0)
      rspec-expectations (~> 3.12.0)
      rspec-mocks (~> 3.12.0)
    rspec-core (3.12.0)
      rspec-support (~> 3.12.0)
    rspec-expectations (3.12.0)
      diff-lcs (>= 1.2.0, < 2.0)
      rspec-support (~> 3.12.0)
    rspec-mocks (3.12.0)
      diff-lcs (>= 1.2.0, < 2.0)
      rspec-support (~> 3.12.0)
    rspec-support (3.12.0)

PLATFORMS
  ruby

DEPENDENCIES
  benchmark-ips
  oj!
  oj-introspect!
  rake (~> 12.0)
  rake-compiler
  rspec (~> 3.0)

BUNDLED WITH
   2.1.4
